GEM
  remote: http://rubygems.org/
  specs:
    mustache (0.99.3)
    rdiscount (1.6.8)
    rocco (0.6)
      mustache
      rdiscount

PLATFORMS
  ruby

DEPENDENCIES
  rdiscount
  rocco
